GEM
  remote: https://rubygems.org/
  specs:
    beefcake (1.0.0)
    ethon (0.7.3)
      ffi (>= 1.3.0)
    ffi (1.9.8)
    mtrc (0.0.4)
    riemann-client (0.2.5)
      beefcake (>= 0.3.5)
      mtrc (>= 0.0.4)
      trollop (>= 1.16.2)
    trollop (2.1.2)
    typhoeus (0.7.1)
      ethon (>= 0.7.1)

PLATFORMS
  ruby

DEPENDENCIES
  riemann-client (~> 0.2.5)
  typhoeus (~> 0.7.1)
